GEM
  remote: https://rubygems.org/
  specs:
    colorful (0.0.3)

PLATFORMS
  ruby
  x86_64-linux

DEPENDENCIES
  colorful (~> 0.0.3)

BUNDLED WITH
   2.5.16
